GIT
  remote: git://github.com/drewwed/rack-reverse-proxy.git
  revision: c1390533c9136cf0da47dce9c18d540121f04d80
  specs:
    rack-reverse-proxy (0.4.4)
      rack (>= 1.0.0)

GEM
  remote: https://rubygems.org/
  specs:
    rack (1.6.4)
    rack-cors (0.4.0)
    rack-protection (1.5.3)
      rack
    sinatra (1.4.6)
      rack (~> 1.4)
      rack-protection (~> 1.4)
      tilt (>= 1.3, < 3)
    tilt (2.0.1)

PLATFORMS
  ruby

DEPENDENCIES
  rack-cors
  rack-reverse-proxy!
  sinatra
